GEM
  remote: https://rubygems.org/
  specs:
    daemons (1.4.0)
    dalli (2.7.11)
    dotenv (2.7.6)
    eventmachine (1.2.7)
    foreman (0.87.2)
    httparty (0.18.1)
      mime-types (~> 3.0)
      multi_xml (>= 0.5.2)
    mime-types (3.3.1)
      mime-types-data (~> 3.2015)
    mime-types-data (3.2020.0512)
    multi_xml (0.6.0)
    mustermann (1.1.1)
      ruby2_keywords (~> 0.0.1)
    rack (2.2.3)
    rack-protection (2.1.0)
      rack
    rake (13.0.1)
    redis (4.2.5)
    ruby2_keywords (0.0.2)
    sinatra (2.1.0)
      mustermann (~> 1.0)
      rack (~> 2.2)
      rack-protection (= 2.1.0)
      tilt (~> 2.0)
    thin (1.8.1)
      daemons (~> 1.0, >= 1.0.9)
      eventmachine (~> 1.0, >= 1.0.4)
      rack (>= 1, < 3)
    tilt (2.0.10)

PLATFORMS
  ruby

DEPENDENCIES
  dalli
  dotenv
  foreman
  httparty
  rake
  redis
  sinatra
  thin

RUBY VERSION
   ruby 2.6.1p33

BUNDLED WITH
   1.17.2
